GIT
  remote: git://github.com/bobes/phocus.git
  revision: 85df8c7bff81b7de50d7e4fa74231020bdd0e247
  specs:
    phocus (1.2)

GIT
  remote: git://github.com/notahat/machinist.git
  revision: e3ba97601fc4142962ad8abc80922b9bd4ffdc28
  specs:
    machinist (2.0)

GEM
  remote: http://rubygems.org/
  specs:
    actionmailer (3.2.5)
      actionpack (= 3.2.5)
      mail (~> 2.4.4)
    actionpack (3.2.5)
      activemodel (= 3.2.5)
      activesupport (= 3.2.5)
      builder (~> 3.0.0)
      erubis (~> 2.7.0)
      journey (~> 1.0.1)
      rack (~> 1.4.0)
      rack-cache (~> 1.2)
      rack-test (~> 0.6.1)
      sprockets (~> 2.1.3)
    activemodel (3.2.5)
      activesupport (= 3.2.5)
      builder (~> 3.0.0)
    activerecord (3.2.5)
      activemodel (= 3.2.5)
      activesupport (= 3.2.5)
      arel (~> 3.0.2)
      tzinfo (~> 0.3.29)
    activeresource (3.2.5)
      activemodel (= 3.2.5)
      activesupport (= 3.2.5)
    activesupport (3.2.5)
      i18n (~> 0.6)
      multi_json (~> 1.0)
    addressable (2.2.8)
    andand (1.3.3)
    ansi (1.4.3)
    arel (3.0.2)
    blankslate (2.1.2.4)
    builder (3.0.0)
    childprocess (0.3.3)
      ffi (~> 1.0.6)
    coderay (1.0.7)
    coffee-rails (3.2.2)
      coffee-script (>= 2.2.0)
      railties (~> 3.2.0)
    coffee-script (2.2.0)
      coffee-script-source
      execjs
    coffee-script-source (1.3.3)
    columnize (0.3.6)
    contest (0.1.3)
    debugger (1.1.4)
      columnize (>= 0.3.1)
      debugger-linecache (~> 1.1.1)
      debugger-ruby_core_source (~> 1.1.3)
    debugger-linecache (1.1.2)
      debugger-ruby_core_source (>= 1.1.1)
    debugger-ruby_core_source (1.1.3)
    ejs (1.0.0)
    em-websocket (0.3.6)
      addressable (>= 2.1.1)
      eventmachine (>= 0.12.9)
    erubis (2.7.0)
    eventmachine (0.12.10)
    execjs (1.4.0)
      multi_json (~> 1.0)
    faker (1.0.1)
      i18n (~> 0.4)
    fakeweb (1.3.0)
    ffi (1.0.11)
    guard (1.2.1)
      listen (>= 0.4.2)
      thor (>= 0.14.6)
    guard-bundler (1.0.0)
      bundler (~> 1.0)
      guard (~> 1.1)
    guard-jasmine (1.5.0)
      childprocess
      guard (>= 1.1.0)
      multi_json
      thor
    guard-livereload (1.0.0)
      em-websocket (>= 0.2.0)
      guard (>= 1.1.0)
      multi_json (~> 1.0)
    guard-spin (0.3.0)
      guard
      spin
    haml (3.2.0.beta.1)
      tilt
    haml_assets (0.1.0)
      haml
      tilt
    hike (1.2.1)
    hirb (0.6.2)
    htmlentities (4.3.1)
    i18n (0.6.0)
    jasminerice (0.0.9)
      coffee-rails
      haml
    jbuilder (0.4.0)
      activesupport (>= 3.0.0)
      blankslate (>= 2.1.2.4)
    journey (1.0.4)
    jquery-rails (2.0.2)
      railties (>= 3.2.0, < 5.0)
      thor (~> 0.14)
    json (1.7.3)
    kgio (2.7.4)
    listen (0.4.7)
      rb-fchange (~> 0.0.5)
      rb-fsevent (~> 0.9.1)
      rb-inotify (~> 0.8.8)
    mail (2.4.4)
      i18n (>= 0.4.0)
      mime-types (~> 1.16)
      treetop (~> 1.4.8)
    metaclass (0.0.1)
    method_source (0.7.1)
    mime-types (1.19)
    minitap (0.3.4)
      minitest
      tapout (>= 0.3.0)
    minitest (2.6.1)
    mocha (0.11.4)
      metaclass (~> 0.0.1)
    multi_json (1.3.6)
    mysql2 (0.3.11)
    nokogiri (1.5.5)
    polyglot (0.3.3)
    pretty_test (0.0.10)
      minitap (>= 0.3)
      minitest (>= 2.6)
    pry (0.9.9.6)
      coderay (~> 1.0.5)
      method_source (~> 0.7.1)
      slop (>= 2.4.4, < 3)
    rack (1.4.1)
    rack-cache (1.2)
      rack (>= 0.4)
    rack-ssl (1.3.2)
      rack
    rack-test (0.6.1)
      rack (>= 1.0)
    rails (3.2.5)
      actionmailer (= 3.2.5)
      actionpack (= 3.2.5)
      activerecord (= 3.2.5)
      activeresource (= 3.2.5)
      activesupport (= 3.2.5)
      bundler (~> 1.0)
      railties (= 3.2.5)
    rails-backbone (0.7.2)
      coffee-script (~> 2.2.0)
      ejs (~> 1.0.0)
      railties (>= 3.1.0)
    railties (3.2.5)
      actionpack (= 3.2.5)
      activesupport (= 3.2.5)
      rack-ssl (~> 1.3.2)
      rake (>= 0.8.7)
      rdoc (~> 3.4)
      thor (>= 0.14.6, < 2.0)
    raindrops (0.10.0)
    rake (0.9.2.2)
    rb-fchange (0.0.5)
      ffi
    rb-fsevent (0.9.1)
    rb-inotify (0.8.8)
      ffi (>= 0.5.0)
    rdoc (3.12)
      json (~> 1.4)
    representative (1.0.4)
      activesupport (>= 2.2.2)
      builder (>= 2.1.2)
      i18n (>= 0.4.1)
      nokogiri (>= 1.4.2)
    representative_view (1.2.2)
      actionpack (> 2.3.0, < 4.0.0)
      representative (~> 1.0.2)
    ruby-prof (0.11.2)
    sass (3.2.0.alpha.261)
    simplecov (0.6.4)
      multi_json (~> 1.0)
      simplecov-html (~> 0.5.3)
    simplecov-html (0.5.3)
    slop (2.4.4)
    spin (0.4.6)
    sprockets (2.1.3)
      hike (~> 1.2)
      rack (~> 1.0)
      tilt (~> 1.1, != 1.3.0)
    sqlite3 (1.3.6)
    tapout (0.4.1)
      ansi
      json
    thor (0.15.4)
    tilt (1.3.3)
    timecop (0.3.5)
    treetop (1.4.10)
      polyglot
      polyglot (>= 0.3.1)
    tzinfo (0.3.33)
    uglifier (1.2.6)
      execjs (>= 0.3.0)
      multi_json (~> 1.3)
    unicorn (4.2.0)
      kgio (~> 2.6)
      rack
      raindrops (~> 0.7)

PLATFORMS
  ruby

DEPENDENCIES
  andand
  ansi
  contest
  debugger
  faker
  fakeweb
  guard-bundler
  guard-jasmine
  guard-livereload
  guard-spin
  haml (~> 3.2.0.alpha)
  haml_assets
  hirb
  htmlentities
  jasminerice
  jbuilder
  jquery-rails
  machinist!
  minitest (= 2.6.1)
  mocha
  mysql2
  nokogiri
  phocus!
  pretty_test
  pry
  rails (= 3.2.5)
  rails-backbone
  representative_view
  ruby-prof
  sass (~> 3.2.0.alpha)
  simplecov
  sqlite3
  timecop
  uglifier
  unicorn (= 4.2.0)
